GEM
  remote: http://rubygems.org/
  specs:
    actionmailer (2.3.8)
      actionpack (= 2.3.8)
    actionpack (2.3.8)
      activesupport (= 2.3.8)
      rack (~> 1.1.0)
    activerecord (2.3.8)
      activesupport (= 2.3.8)
    activeresource (2.3.8)
      activesupport (= 2.3.8)
    activesupport (2.3.8)
    builder (3.0.0)
    facets (2.8.4)
    hpricot (0.8.3)
    oauth (0.4.4)
    pg (0.11.0-x86-mingw32)
    rack (1.1.0)
    rails (2.3.8)
      actionmailer (= 2.3.8)
      actionpack (= 2.3.8)
      activerecord (= 2.3.8)
      activeresource (= 2.3.8)
      activesupport (= 2.3.8)
      rake (>= 0.8.3)
    rake (0.8.7)
    rforce-raygao (1.0.0)
      oauth (= 0.4.4)
    ryandotsmith-asf-soap-adapter (1.0.3)
      builder (>= 1.2.4)
      facets (= 2.8.4)
      hpricot (>= 0.8.2)
      oauth (= 0.4.4)
      rforce-raygao (>= 1.0)

PLATFORMS
  ruby
  x86-mingw32

DEPENDENCIES
  facets (= 2.8.4)
  pg
  rails (= 2.3.8)
  rforce-raygao
  ryandotsmith-asf-soap-adapter (= 1.0.3)
